PATH
  remote: .
  specs:
    goo (0.0.1)

PATH
  remote: /Users/manuelso/work/stanford/workspace/sparql_http
  specs:
    sparql_http (0.0.1)

GEM
  remote: https://rubygems.org/
  specs:
    activemodel (3.2.8)
      activesupport (= 3.2.8)
      builder (~> 3.0.0)
    activesupport (3.2.8)
      i18n (~> 0.6)
      multi_json (~> 1.0)
    builder (3.0.4)
    coderay (1.0.8)
    i18n (0.6.1)
    macaddr (1.6.1)
      systemu (~> 2.5.0)
    method_source (0.8.1)
    multi_json (1.3.7)
    pry (0.9.10)
      coderay (~> 1.0.5)
      method_source (~> 0.8)
      slop (~> 3.3.1)
    rake (0.9.2.2)
    slop (3.3.3)
    systemu (2.5.2)
    uuid (2.3.5)
      macaddr (~> 1.0)

PLATFORMS
  ruby

DEPENDENCIES
  activemodel (>= 3.2.8)
  goo!
  pry
  rake
  sparql_http (>= 0.0.1)!
  uuid (~> 2.3.5)
